PATH
  remote: .
  specs:
    expectation (0.2.0)

GEM
  remote: http://rubygems.org/
  specs:
    json (1.7.5)
    metaclass (0.0.1)
    mocha (0.13.1)
      metaclass (~> 0.0.1)
    multi_json (1.5.0)
    rake (10.0.3)
    rdoc (3.12)
      json (~> 1.4)
    simplecov (0.7.1)
      multi_json (~> 1.0)
      simplecov-html (~> 0.7.1)
    simplecov-html (0.7.1)
    test-unit (2.5.3)

PLATFORMS
  ruby

DEPENDENCIES
  expectation!
  mocha
  rake
  rdoc
  simplecov
  test-unit
