PATH
  remote: .
  specs:
    expectation (0.1.1)

GEM
  remote: http://rubygems.org/
  specs:
    metaclass (0.0.1)
    mocha (0.12.3)
      metaclass (~> 0.0.1)
    multi_json (1.3.6)
    rake (0.9.2.2)
    simplecov (0.6.4)
      multi_json (~> 1.0)
      simplecov-html (~> 0.5.3)
    simplecov-html (0.5.3)
    test-unit (2.5.1)

PLATFORMS
  ruby

DEPENDENCIES
  expectation!
  mocha
  rake
  simplecov
  test-unit
