PATH
  remote: .
  specs:
    expectation (1.0.0)

GEM
  remote: https://rubygems.org/
  specs:
    colorize (0.7.7)
    docile (1.1.5)
    hirb (0.7.3)
    json (1.8.3)
    power_assert (0.2.5)
    rake (10.4.2)
    simplecov (0.10.0)
      docile (~> 1.1.0)
      json (~> 1.8)
      simplecov-html (~> 0.10.0)
    simplecov-console (0.2.0)
      colorize
      hirb
      simplecov
    simplecov-html (0.10.0)
    test-unit (3.1.5)
      power_assert
    timecop (0.8.0)

PLATFORMS
  ruby

DEPENDENCIES
  expectation!
  rake
  simplecov
  simplecov-console
  test-unit
  timecop

BUNDLED WITH
   1.10.6
