PATH
  remote: .
  specs:
    expectation (0.3.1)

GEM
  remote: https://rubygems.org/
  specs:
    docile (1.1.5)
    json (1.8.3)
    power_assert (0.2.5)
    rake (10.4.2)
    simplecov (0.10.0)
      docile (~> 1.1.0)
      json (~> 1.8)
      simplecov-html (~> 0.10.0)
    simplecov-html (0.10.0)
    test-unit (3.1.5)
      power_assert

PLATFORMS
  ruby

DEPENDENCIES
  expectation!
  rake
  simplecov
  test-unit

BUNDLED WITH
   1.10.6
