PATH
  remote: .
  specs:
    expectation (1.1.1)

GEM
  remote: https://rubygems.org/
  specs:
    ansi (1.5.0)
    docile (1.3.2)
    json (2.3.0)
    power_assert (1.1.5)
    rake (13.0.1)
    simplecov (0.17.1)
      docile (~> 1.1)
      json (>= 1.8, < 3)
      simplecov-html (~> 0.10.0)
    simplecov-console (0.6.0)
      ansi
      simplecov
      terminal-table
    simplecov-html (0.10.2)
    terminal-table (1.8.0)
      unicode-display_width (~> 1.1, >= 1.1.1)
    test-unit (3.3.4)
      power_assert
    timecop (0.9.1)
    unicode-display_width (1.6.0)

PLATFORMS
  ruby

DEPENDENCIES
  expectation!
  rake
  simplecov
  simplecov-console
  test-unit
  timecop

BUNDLED WITH
   1.17.3
